GEM
  specs:
    cassandra (0.11.4)
      json
      rake
      simple_uuid (>= 0.1.0)
      thrift_client (>= 0.6.3)
    diff-lcs (1.1.2)
    json (1.5.3)
    rake (0.8.7)
    rspec (2.6.0)
      rspec-core (~> 2.6.0)
      rspec-expectations (~> 2.6.0)
      rspec-mocks (~> 2.6.0)
    rspec-core (2.6.4)
    rspec-expectations (2.6.0)
      diff-lcs (~> 1.1.2)
    rspec-mocks (2.6.0)
    simple_uuid (0.1.2)
    thrift (0.6.0)
    thrift_client (0.6.3)
      thrift (~> 0.6.0)

PLATFORMS
  ruby

DEPENDENCIES
  cassandra
  rspec
